GEM
  remote: https://rubygems.org/
  specs:
    bashcov (1.8.1)
      simplecov (~> 0.15)
    docile (1.4.0)
    json (2.7.1)
    rexml (3.2.6)
    simplecov (0.22.0)
      docile (~> 1.1)
      simplecov-html (~> 0.11)
      simplecov_json_formatter (~> 0.1)
    simplecov-cobertura (2.1.0)
      rexml
      simplecov (~> 0.19)
    simplecov-html (0.12.3)
    simplecov_json_formatter (0.1.4)

PLATFORMS
  x86_64-linux

DEPENDENCIES
  bashcov
  json
  simplecov
  simplecov-cobertura
  simplecov-html
  simplecov_json_formatter

BUNDLED WITH
   2.4.22
