GEM
  remote: https://rubygems.org/
  specs:
    bashcov (1.8.1)
      simplecov (~> 0.15)
    codecov (0.6.0)
      simplecov (>= 0.15, < 0.22)
    docile (1.4.0)
    json (2.6.2)
    simplecov (0.21.2)
      docile (~> 1.1)
      simplecov-html (~> 0.11)
      simplecov_json_formatter (~> 0.1)
    simplecov-html (0.12.3)
    simplecov_json_formatter (0.1.4)

PLATFORMS
  x86_64-linux

DEPENDENCIES
  bashcov
  codecov
  json
  simplecov
  simplecov-html
  simplecov_json_formatter

BUNDLED WITH
   2.3.5
